GIT
  remote: https://github.com/haml/haml
  revision: 9cc8b13e0b2c383f1a3000d9069d3fedc4377d2d
  specs:
    haml (5.0.0.beta.2)
      temple (>= 0.8.0)
      tilt

GEM
  remote: http://rubygems.org/
  specs:
    diff-lcs (1.3)
    rspec (3.5.0)
      rspec-core (~> 3.5.0)
      rspec-expectations (~> 3.5.0)
      rspec-mocks (~> 3.5.0)
    rspec-core (3.5.4)
      rspec-support (~> 3.5.0)
    rspec-expectations (3.5.0)
      diff-lcs (>= 1.2.0, < 2.0)
      rspec-support (~> 3.5.0)
    rspec-mocks (3.5.0)
      diff-lcs (>= 1.2.0, < 2.0)
      rspec-support (~> 3.5.0)
    rspec-support (3.5.0)
    temple (0.8.0)
    tilt (2.0.7)

PLATFORMS
  ruby

DEPENDENCIES
  bundler
  haml!
  rspec

BUNDLED WITH
   1.12.5
