GIT
  remote: https://github.com/haml/haml
  revision: a8bb9e085fda7c8b41eacf96a7fcd5df9d845f6d
  specs:
    haml (5.0.4)
      temple (>= 0.8.0)
      tilt

GEM
  remote: http://rubygems.org/
  specs:
    diff-lcs (1.3)
    rspec (3.8.0)
      rspec-core (~> 3.8.0)
      rspec-expectations (~> 3.8.0)
      rspec-mocks (~> 3.8.0)
    rspec-core (3.8.0)
      rspec-support (~> 3.8.0)
    rspec-expectations (3.8.2)
      diff-lcs (>= 1.2.0, < 2.0)
      rspec-support (~> 3.8.0)
    rspec-mocks (3.8.0)
      diff-lcs (>= 1.2.0, < 2.0)
      rspec-support (~> 3.8.0)
    rspec-support (3.8.0)
    temple (0.8.0)
    tilt (2.0.9)

PLATFORMS
  ruby

DEPENDENCIES
  bundler
  haml!
  rspec

BUNDLED WITH
   1.16.1
